PATH
  remote: .
  specs:
    byzantion_chess (0.0.2)

GEM
  remote: https://rubygems.org/
  specs:
    activesupport (3.2.13)
      i18n (= 0.6.1)
      multi_json (~> 1.0)
    colorize (0.5.8)
    columnize (0.3.6)
    coveralls (0.6.7)
      colorize
      multi_json (~> 1.3)
      rest-client
      simplecov (>= 0.7)
      thor
    debugger (1.6.0)
      columnize (>= 0.3.1)
      debugger-linecache (~> 1.2.0)
      debugger-ruby_core_source (~> 1.2.1)
    debugger-linecache (1.2.0)
    debugger-ruby_core_source (1.2.2)
    diff-lcs (1.2.4)
    i18n (0.6.1)
    mime-types (1.23)
    multi_json (1.7.6)
    polyglot (0.3.3)
    rake (10.0.4)
    redcarpet (2.3.0)
    rest-client (1.6.7)
      mime-types (>= 1.16)
    rspec (2.13.0)
      rspec-core (~> 2.13.0)
      rspec-expectations (~> 2.13.0)
      rspec-mocks (~> 2.13.0)
    rspec-core (2.13.1)
    rspec-expectations (2.13.0)
      diff-lcs (>= 1.1.3, < 2.0)
    rspec-mocks (2.13.1)
    simplecov (0.7.1)
      multi_json (~> 1.0)
      simplecov-html (~> 0.7.1)
    simplecov-html (0.7.1)
    thor (0.18.1)
    treetop (1.4.14)
      polyglot
      polyglot (>= 0.3.1)
    uci (0.0.2)
    yard (0.8.6.1)

PLATFORMS
  ruby

DEPENDENCIES
  activesupport (~> 3.2.13)
  bundler (>= 1.2)
  byzantion_chess!
  coveralls (>= 0.6.1)
  debugger
  i18n
  rake
  redcarpet (>= 2.2)
  rspec (~> 2.6)
  simplecov (>= 0.7.1)
  treetop
  uci
  yard (>= 0.8.5.2)
