PATH
  remote: .
  specs:
    byzantion_chess (0.2.0)

GEM
  remote: http://bb-m.rubygems.org/
  specs:
    activesupport (3.2.13)
      i18n (= 0.6.1)
      multi_json (~> 1.0)
    coderay (1.1.0)
    colorize (0.5.8)
    coveralls (0.6.7)
      colorize
      multi_json (~> 1.3)
      rest-client
      simplecov (>= 0.7)
      thor
    diff-lcs (1.2.4)
    i18n (0.6.1)
    method_source (0.8.2)
    mime-types (1.23)
    multi_json (1.7.6)
    polyglot (0.3.3)
    pry (0.10.1)
      coderay (~> 1.1.0)
      method_source (~> 0.8.1)
      slop (~> 3.4)
    rake (10.0.4)
    redcarpet (2.3.0)
    rest-client (1.6.7)
      mime-types (>= 1.16)
    rspec (2.13.0)
      rspec-core (~> 2.13.0)
      rspec-expectations (~> 2.13.0)
      rspec-mocks (~> 2.13.0)
    rspec-core (2.13.1)
    rspec-expectations (2.13.0)
      diff-lcs (>= 1.1.3, < 2.0)
    rspec-mocks (2.13.1)
    simplecov (0.7.1)
      multi_json (~> 1.0)
      simplecov-html (~> 0.7.1)
    simplecov-html (0.7.1)
    slop (3.6.0)
    thor (0.18.1)
    treetop (1.4.14)
      polyglot
      polyglot (>= 0.3.1)
    uci (0.0.2)
    yard (0.8.6.1)

PLATFORMS
  ruby

DEPENDENCIES
  activesupport (~> 3.2.13)
  bundler (>= 1.2)
  byzantion_chess!
  coveralls (>= 0.6.1)
  i18n
  pry
  rake
  redcarpet (>= 2.2)
  rspec (~> 2.6)
  simplecov (>= 0.7.1)
  treetop
  uci
  yard (>= 0.8.5.2)

BUNDLED WITH
   1.12.0
